GEM
  remote: http://rubygems.org/
  specs:
    builder (3.2.4)
    curb (0.8.0)
    json (1.6.6)
    mini_portile2 (2.4.0)
    nokogiri (1.10.10)
      mini_portile2 (~> 2.4.0)
    route53 (0.4.0)
      builder
      nokogiri
      ruby-hmac
    ruby-hmac (0.4.0)

PLATFORMS
  ruby

DEPENDENCIES
  curb
  json
  route53 (~> 0.4.0)
